GEM
  remote: https://rubygems.org/
  specs:
    bson (5.0.2)
    erubis (2.7.0)
    htmlbeautifier (1.4.3)
    mongo (2.21.0)
      bson (>= 4.14.1, < 6.0.0)
    multi_json (1.15.0)
    mustermann (3.0.0)
      ruby2_keywords (~> 0.0.1)
    nio4r (2.5.9)
    puma (6.3.1)
      nio4r (~> 2.0)
    rack (2.2.8)
    rack-protection (3.1.0)
      rack (~> 2.2, >= 2.2.4)
    ruby2_keywords (0.0.5)
    rubyzip (2.4.1)
    sinatra (3.1.0)
      mustermann (~> 3.0)
      rack (~> 2.2, >= 2.2.4)
      rack-protection (= 3.1.0)
      tilt (~> 2.0)
    sinatra-contrib (3.1.0)
      multi_json
      mustermann (~> 3.0)
      rack-protection (= 3.1.0)
      sinatra (= 3.1.0)
      tilt (~> 2.0)
    tilt (2.2.0)
    webrick (1.8.1)

PLATFORMS
  arm64-darwin-23
  arm64-darwin-24
  x86_64-linux

DEPENDENCIES
  erubis
  htmlbeautifier
  mongo (~> 2)
  puma
  rubyzip
  sinatra
  sinatra-contrib
  webrick

RUBY VERSION
   ruby 3.3.4p94

BUNDLED WITH
   2.4.17
